GEM
  remote: https://rubygems.org/
  specs:
    addressable (2.8.0)
      public_suffix (>= 2.0.2, < 5.0)
    coderay (1.1.3)
    dm-core (1.2.1)
      addressable (~> 2.3)
    dm-timestamps (1.2.0)
      dm-core (~> 1.2.0)
    json (1.8.3)
    method_source (1.0.0)
    pry (0.14.1)
      coderay (~> 1.1)
      method_source (~> 1.0)
    public_suffix (4.0.6)
    rack (2.2.3)
    roda (3.45.0)
      rack
    sequel (5.45.0)
    sqlite3 (1.4.2)
    tilt (2.0.10)

PLATFORMS
  ruby

DEPENDENCIES
  dm-timestamps (~> 1.2)
  json
  pry
  roda
  sequel
  sqlite3 (~> 1.4.2)
  tilt

BUNDLED WITH
   1.11.2
